PATH
  remote: .
  specs:
    pslm (0.0.0)
      colorize
      deep_merge (>= 1.1)
      hashie (> 3.4)

GEM
  remote: https://rubygems.org/
  specs:
    colorize (0.8.1)
    deep_merge (1.2.2)
    diff-lcs (1.2.5)
    hashie (5.0.0)
    rake (10.1.0)
    rspec (2.14.1)
      rspec-core (~> 2.14.0)
      rspec-expectations (~> 2.14.0)
      rspec-mocks (~> 2.14.0)
    rspec-core (2.14.7)
    rspec-expectations (2.14.4)
      diff-lcs (>= 1.1.3, < 2.0)
    rspec-mocks (2.14.4)

PLATFORMS
  ruby

DEPENDENCIES
  pslm!
  rake
  rspec

BUNDLED WITH
   1.17.1
